PATH
  remote: .
  specs:
    superconductor (0.0.1)

GEM
  remote: https://rubygems.org/
  specs:
    diff-lcs (1.3)
    rake (10.4.2)
    rspec (3.5.0)
      rspec-core (~> 3.5.0)
      rspec-expectations (~> 3.5.0)
      rspec-mocks (~> 3.5.0)
    rspec-core (3.5.4)
      rspec-support (~> 3.5.0)
    rspec-expectations (3.5.0)
      diff-lcs (>= 1.2.0, < 2.0)
      rspec-support (~> 3.5.0)
    rspec-mocks (3.5.0)
      diff-lcs (>= 1.2.0, < 2.0)
      rspec-support (~> 3.5.0)
    rspec-support (3.5.0)
    yard (0.9.8)

PLATFORMS
  ruby

DEPENDENCIES
  bundler (~> 1.12)
  rake (~> 10.0)
  rspec (~> 3.0)
  superconductor!
  yard (~> 0.9.2)

BUNDLED WITH
   1.14.6
