GEM
  remote: http://rubygems.org/
  specs:
    rack (1.6.4)

PLATFORMS
  ruby

DEPENDENCIES
  rack

RUBY VERSION
   ruby 2.3.1p112

BUNDLED WITH
   1.12.5
